GEM
  remote: https://rubygems.org/
  specs:
    google-protobuf (3.17.3-universal-darwin)
    googleapis-common-protos-types (1.1.0)
      google-protobuf (~> 3.14)
    grpc (1.38.0-universal-darwin)
      google-protobuf (~> 3.15)
      googleapis-common-protos-types (~> 1.0)
    grpc-tools (1.38.0)

PLATFORMS
  -darwin-20

DEPENDENCIES
  grpc
  grpc-tools

RUBY VERSION
   ruby 2.7.1p83

BUNDLED WITH
   2.2.23
